GEM
  remote: https://rubygems.org/
  specs:
    activesupport (4.2.7.1)
      i18n (~> 0.7)
      json (~> 1.7, >= 1.7.7)
      minitest (~> 5.1)
      thread_safe (~> 0.3, >= 0.3.4)
      tzinfo (~> 1.1)
    addressable (2.4.0)
    blankslate (2.1.2.4)
    dato (0.1.10)
      activesupport (= 4.2.7.1)
      addressable
      downloadr
      faraday (>= 0.9.0)
      faraday_middleware (>= 0.9.0)
      fastimage
      imgix (>= 0.3.1)
      thor
      toml
      video_embed
    domain_name (0.5.20160615)
      unf (>= 0.0.5, < 1.0.0)
    downloadr (0.0.41)
      addressable (~> 2.3)
      rest-client (~> 1.7)
    faraday (0.9.2)
      multipart-post (>= 1.2, < 3)
    faraday_middleware (0.10.0)
      faraday (>= 0.7.4, < 0.10)
    fastimage (2.0.0)
      addressable (~> 2)
    http-cookie (1.0.2)
      domain_name (~> 0.5)
    i18n (0.7.0)
    imgix (1.1.0)
      addressable
    json (1.8.3)
    mime-types (2.99.2)
    minitest (5.9.0)
    multipart-post (2.0.0)
    netrc (0.11.0)
    parslet (1.5.0)
      blankslate (~> 2.0)
    rest-client (1.8.0)
      http-cookie (>= 1.0.2, < 2.0)
      mime-types (>= 1.16, < 3.0)
      netrc (~> 0.7)
    thor (0.19.1)
    thread_safe (0.3.5)
    toml (0.1.2)
      parslet (~> 1.5.0)
    tzinfo (1.2.2)
      thread_safe (~> 0.1)
    unf (0.1.4)
      unf_ext
    unf_ext (0.0.7.2)
    video_embed (0.1.0)

PLATFORMS
  ruby

DEPENDENCIES
  dato

BUNDLED WITH
   1.12.5
